PATH
  remote: .
  specs:
    spidy (0.3.12)
      activesupport (~> 7.1)
      mechanize
      socksify
      tor

GEM
  remote: https://rubygems.org/
  specs:
    activesupport (7.2.2.1)
      base64
      benchmark (>= 0.3)
      bigdecimal
      concurrent-ruby (~> 1.0, >= 1.3.1)
      connection_pool (>= 2.2.5)
      drb
      i18n (>= 1.6, < 2)
      logger (>= 1.4.2)
      minitest (>= 5.1)
      securerandom (>= 0.3)
      tzinfo (~> 2.0, >= 2.0.5)
    addressable (2.8.7)
      public_suffix (>= 2.0.2, < 7.0)
    base64 (0.2.0)
    benchmark (0.4.0)
    bigdecimal (3.1.9)
    capybara (3.40.0)
      addressable
      matrix
      mini_mime (>= 0.1.3)
      nokogiri (~> 1.11)
      rack (>= 1.6.0)
      rack-test (>= 0.6.3)
      regexp_parser (>= 1.5, < 3.0)
      xpath (~> 3.2)
    capybara_discoball (0.1.0)
      capybara (>= 2.7, < 4)
    concurrent-ruby (1.3.5)
    connection_pool (2.5.0)
    date (3.4.1)
    diff-lcs (1.6.0)
    domain_name (0.6.20240107)
    drb (2.2.1)
    ffaker (2.24.0)
    http-cookie (1.0.8)
      domain_name (~> 0.5)
    i18n (1.14.7)
      concurrent-ruby (~> 1.0)
    io-console (0.8.0)
    irb (1.15.1)
      pp (>= 0.6.0)
      rdoc (>= 4.0.0)
      reline (>= 0.4.2)
    logger (1.6.6)
    matrix (0.4.2)
    mechanize (2.14.0)
      addressable (~> 2.8)
      base64
      domain_name (~> 0.5, >= 0.5.20190701)
      http-cookie (~> 1.0, >= 1.0.3)
      mime-types (~> 3.3)
      net-http-digest_auth (~> 1.4, >= 1.4.1)
      net-http-persistent (>= 2.5.2, < 5.0.dev)
      nkf
      nokogiri (~> 1.11, >= 1.11.2)
      rubyntlm (~> 0.6, >= 0.6.3)
      webrick (~> 1.7)
      webrobots (~> 0.1.2)
    mime-types (3.6.1)
      logger
      mime-types-data (~> 3.2015)
    mime-types-data (3.2025.0318)
    mini_mime (1.1.5)
    minitest (5.25.5)
    mixlib-shellout (2.4.4)
    mustermann (3.0.3)
      ruby2_keywords (~> 0.0.1)
    net-http-digest_auth (1.4.1)
    net-http-persistent (4.0.5)
      connection_pool (~> 2.2)
    nkf (0.2.0)
    nokogiri (1.18.5-aarch64-linux-gnu)
      racc (~> 1.4)
    nokogiri (1.18.5-aarch64-linux-musl)
      racc (~> 1.4)
    nokogiri (1.18.5-arm-linux-gnu)
      racc (~> 1.4)
    nokogiri (1.18.5-arm-linux-musl)
      racc (~> 1.4)
    nokogiri (1.18.5-arm64-darwin)
      racc (~> 1.4)
    nokogiri (1.18.5-x86_64-darwin)
      racc (~> 1.4)
    nokogiri (1.18.5-x86_64-linux-gnu)
      racc (~> 1.4)
    nokogiri (1.18.5-x86_64-linux-musl)
      racc (~> 1.4)
    pp (0.6.2)
      prettyprint
    prettyprint (0.2.0)
    psych (5.2.3)
      date
      stringio
    public_suffix (6.0.1)
    racc (1.8.1)
    rack (3.1.12)
    rack-protection (4.1.1)
      base64 (>= 0.1.0)
      logger (>= 1.6.0)
      rack (>= 3.0.0, < 4)
    rack-session (2.1.0)
      base64 (>= 0.1.0)
      rack (>= 3.0.0)
    rack-test (2.2.0)
      rack (>= 1.3)
    rackup (2.2.1)
      rack (>= 3)
    rake (13.2.1)
    rdoc (6.12.0)
      psych (>= 4.0.0)
    regexp_parser (2.10.0)
    reline (0.6.0)
      io-console (~> 0.5)
    rspec (3.13.0)
      rspec-core (~> 3.13.0)
      rspec-expectations (~> 3.13.0)
      rspec-mocks (~> 3.13.0)
    rspec-command (1.0.3)
      mixlib-shellout (~> 2.0)
      rspec (~> 3.2)
      rspec-its (~> 1.2)
    rspec-core (3.13.3)
      rspec-support (~> 3.13.0)
    rspec-expectations (3.13.3)
      diff-lcs (>= 1.2.0, < 2.0)
      rspec-support (~> 3.13.0)
    rspec-its (1.3.1)
      rspec-core (>= 3.0.0)
      rspec-expectations (>= 3.0.0)
    rspec-mocks (3.13.2)
      diff-lcs (>= 1.2.0, < 2.0)
      rspec-support (~> 3.13.0)
    rspec-support (3.13.2)
    ruby2_keywords (0.0.5)
    rubyntlm (0.6.5)
      base64
    securerandom (0.4.1)
    sinatra (4.1.1)
      logger (>= 1.6.0)
      mustermann (~> 3.0)
      rack (>= 3.0.0, < 4)
      rack-protection (= 4.1.1)
      rack-session (>= 2.0.0, < 3)
      tilt (~> 2.0)
    socksify (1.7.1)
    stringio (3.1.5)
    tilt (2.6.0)
    tor (0.1.7)
    tzinfo (2.0.6)
      concurrent-ruby (~> 1.0)
    webrick (1.9.1)
    webrobots (0.1.2)
    xpath (3.2.0)
      nokogiri (~> 1.8)

PLATFORMS
  aarch64-linux-gnu
  aarch64-linux-musl
  arm-linux-gnu
  arm-linux-musl
  arm64-darwin
  x86_64-darwin
  x86_64-linux-gnu
  x86_64-linux-musl

DEPENDENCIES
  bundler (~> 2.0)
  capybara_discoball
  ffaker
  irb
  rackup
  rake (~> 13.0)
  rspec (~> 3.0)
  rspec-command
  sinatra
  spidy!
  webrick

BUNDLED WITH
   2.6.5
