PATH
  remote: .
  specs:
    spidy (0.3.4)
      activesupport
      mechanize
      pry
      socksify
      tor

GEM
  remote: https://rubygems.org/
  specs:
    activesupport (6.0.3.3)
      concurrent-ruby (~> 1.0, >= 1.0.2)
      i18n (>= 0.7, < 2)
      minitest (~> 5.1)
      tzinfo (~> 1.1)
      zeitwerk (~> 2.2, >= 2.2.2)
    addressable (2.7.0)
      public_suffix (>= 2.0.2, < 5.0)
    capybara (3.33.0)
      addressable
      mini_mime (>= 0.1.3)
      nokogiri (~> 1.8)
      rack (>= 1.6.0)
      rack-test (>= 0.6.3)
      regexp_parser (~> 1.5)
      xpath (~> 3.2)
    capybara_discoball (0.1.0)
      capybara (>= 2.7, < 4)
    coderay (1.1.2)
    concurrent-ruby (1.1.7)
    connection_pool (2.2.3)
    diff-lcs (1.3)
    domain_name (0.5.20190701)
      unf (>= 0.0.5, < 1.0.0)
    ffaker (2.10.0)
    http-cookie (1.0.3)
      domain_name (~> 0.5)
    i18n (1.8.5)
      concurrent-ruby (~> 1.0)
    mechanize (2.7.6)
      domain_name (~> 0.5, >= 0.5.1)
      http-cookie (~> 1.0)
      mime-types (>= 1.17.2)
      net-http-digest_auth (~> 1.1, >= 1.1.1)
      net-http-persistent (>= 2.5.2)
      nokogiri (~> 1.6)
      ntlm-http (~> 0.1, >= 0.1.1)
      webrobots (>= 0.0.9, < 0.2)
    method_source (0.9.2)
    mime-types (3.3.1)
      mime-types-data (~> 3.2015)
    mime-types-data (3.2020.0512)
    mini_mime (1.0.2)
    mini_portile2 (2.4.0)
    minitest (5.14.2)
    mixlib-shellout (2.4.4)
    mustermann (1.1.1)
      ruby2_keywords (~> 0.0.1)
    net-http-digest_auth (1.4.1)
    net-http-persistent (4.0.0)
      connection_pool (~> 2.2)
    nokogiri (1.10.10)
      mini_portile2 (~> 2.4.0)
    ntlm-http (0.1.1)
    pry (0.12.2)
      coderay (~> 1.1.0)
      method_source (~> 0.9.0)
    public_suffix (4.0.6)
    rack (2.2.3)
    rack-protection (2.0.8.1)
      rack
    rack-test (1.1.0)
      rack (>= 1.0, < 3)
    rake (10.5.0)
    regexp_parser (1.8.1)
    rspec (3.8.0)
      rspec-core (~> 3.8.0)
      rspec-expectations (~> 3.8.0)
      rspec-mocks (~> 3.8.0)
    rspec-command (1.0.3)
      mixlib-shellout (~> 2.0)
      rspec (~> 3.2)
      rspec-its (~> 1.2)
    rspec-core (3.8.2)
      rspec-support (~> 3.8.0)
    rspec-expectations (3.8.4)
      diff-lcs (>= 1.2.0, < 2.0)
      rspec-support (~> 3.8.0)
    rspec-its (1.3.0)
      rspec-core (>= 3.0.0)
      rspec-expectations (>= 3.0.0)
    rspec-mocks (3.8.1)
      diff-lcs (>= 1.2.0, < 2.0)
      rspec-support (~> 3.8.0)
    rspec-support (3.8.2)
    ruby2_keywords (0.0.2)
    sinatra (2.0.8.1)
      mustermann (~> 1.0)
      rack (~> 2.0)
      rack-protection (= 2.0.8.1)
      tilt (~> 2.0)
    socksify (1.7.1)
    thread_safe (0.3.6)
    tilt (2.0.10)
    tor (0.1.4)
    tzinfo (1.2.7)
      thread_safe (~> 0.1)
    unf (0.1.4)
      unf_ext
    unf_ext (0.0.7.7)
    webrobots (0.1.2)
    xpath (3.2.0)
      nokogiri (~> 1.8)
    zeitwerk (2.4.0)

PLATFORMS
  ruby

DEPENDENCIES
  bundler (~> 2.0)
  capybara_discoball
  ffaker
  pry
  rake (~> 10.0)
  rspec (~> 3.0)
  rspec-command
  sinatra
  spidy!

BUNDLED WITH
   2.1.4
